GEM
  remote: http://rubygems.org/
  specs:
    aws (2.5.8)
      http_connection
      http_connection
      uuidtools
      uuidtools
      xml-simple
      xml-simple
    http_connection (1.4.4)
    mime-types (1.21)
    proxifier (1.0.3)
    s3cmd (1.0.1)
      aws (~> 2.5.6)
      mime-types (~> 1.16)
      proxifier (~> 1.0.2)
      thor (~> 0.14.6)
    thor (0.14.6)
    uuidtools (2.1.3)
    xml-simple (1.1.2)

PLATFORMS
  ruby

DEPENDENCIES
  s3cmd
